GEM
  remote: https://rubygems.org/
  specs:
    andand (1.3.3)
    blankslate (2.1.2.4)
    bouncy-castle-java (1.5.0147)
    builder (2.1.2)
    columnize (0.3.6)
    diff-lcs (1.1.3)
    eventmachine (1.0.3-java)
    excon (0.16.10)
    file-tail (1.0.12)
      tins (~> 0.5)
    fog-maestrodev (1.8.0.20130114204828)
      builder
      excon (~> 0.14)
      formatador (~> 0.2.0)
      mime-types
      multi_json (~> 1.0)
      net-scp (~> 1.0.4)
      net-ssh (>= 2.1.3)
      nokogiri (~> 1.5.0)
      ruby-hmac
    formatador (0.2.4)
    git (1.2.5)
    jruby-openssl (0.8.8)
      bouncy-castle-java (>= 1.5.0147)
    json (1.8.0-java)
    little-plugger (1.1.3)
    logging (1.8.0)
      little-plugger (>= 1.1.3)
      multi_json (>= 1.3.6)
    maestro_agent (1.11.0)
      andand (>= 1.3.1)
      builder (= 2.1.2)
      columnize (= 0.3.6)
      eventmachine (>= 0.12.10)
      jruby-openssl
      json (>= 1.4.6)
      logging (= 1.8.0)
      maestro_common
      maestro_plugin (>= 0.0.2)
      metaclass
      minitar (>= 0.5.3)
      net-scp (= 1.0.4)
      net-ssh (= 2.2.1)
      rake (>= 0.9.2.2)
      rest-client (= 1.6.7)
      ruote (~> 2.2.1.maestro)
      sexp_processor (= 3.0.9)
      uuidtools (>= 2.1.2)
      xml-simple (= 1.1.1)
    maestro_common (0.0.1)
      json (>= 1.4.6)
      logging (= 1.8.0)
      onstomp
      rubyzip (= 0.9.8)
    maestro_plugin (0.0.5)
      json (>= 1.4.6)
      logging (= 1.8.0)
      rubyzip (= 0.9.8)
    metaclass (0.0.1)
    mime-types (1.19)
    minitar (0.5.4)
    multi_json (1.3.6)
    net-scp (1.0.4)
      net-ssh (>= 1.99.1)
    net-ssh (2.2.1)
    nokogiri (1.5.6-java)
    onstomp (1.0.7)
    parslet (1.2.1)
      blankslate (~> 2.0)
    rake (0.9.2.2)
    rbvmomi (1.6.0)
      builder
      nokogiri (>= 1.4.1)
      trollop
    rest-client (1.6.7)
      mime-types (>= 1.16)
    rspec (2.11.0)
      rspec-core (~> 2.11.0)
      rspec-expectations (~> 2.11.0)
      rspec-mocks (~> 2.11.0)
    rspec-core (2.11.1)
    rspec-expectations (2.11.3)
      diff-lcs (~> 1.1.3)
    rspec-mocks (2.11.3)
    ruby-hmac (0.4.0)
    ruby2ruby (1.3.1)
      ruby_parser (~> 2.0)
      sexp_processor (~> 3.0)
    ruby_parser (2.3.1)
      sexp_processor (~> 3.0)
    rubyzip (0.9.8)
    rufus-cloche (1.0.4)
      rufus-json (>= 1.0.3)
    rufus-dollar (1.0.4)
    rufus-json (1.0.4)
    rufus-mnemo (1.2.3)
    rufus-scheduler (2.0.19)
      tzinfo (>= 0.3.23)
    rufus-treechecker (1.0.8)
      ruby_parser (>= 2.0.5)
    ruote (2.2.1.maestro)
      parslet (= 1.2.1)
      rufus-cloche (>= 1.0.1)
      rufus-dollar (>= 1.0.4)
      rufus-json (>= 1.0.1)
      rufus-mnemo (>= 1.1.0)
      rufus-scheduler (>= 2.0.9)
      rufus-treechecker (>= 1.0.6)
      sourcify (= 0.5.0)
    sexp_processor (3.0.9)
    sourcify (0.5.0)
      file-tail (>= 1.0.5)
      ruby2ruby (>= 1.2.5)
      ruby_parser (>= 2.0.5)
      sexp_processor (>= 3.0.5)
    tins (0.8.2)
    trollop (2.0)
    tzinfo (1.0.1)
    uuidtools (2.1.4)
    xml-simple (1.1.1)

PLATFORMS
  java

DEPENDENCIES
  fog-maestrodev (~> 1.8.0)
  git
  maestro_agent (>= 1.7.0)
  nokogiri
  rake (~> 0.9.2)
  rbvmomi (>= 1.3.0)
  rspec
